GEM
  remote: http://rubygems.org/
  specs:
    diff-lcs (1.2.4)
    rack (1.5.2)
    rack-test (0.6.2)
      rack (>= 1.0)
    rspec-expectations (2.14.0)
      diff-lcs (>= 1.1.3, < 2.0)
    test-unit (2.5.5)

PLATFORMS
  x86-mingw32

DEPENDENCIES
  rack
  rack-test
  rspec-expectations
  test-unit
